GIT
  remote: git://github.com/getsentry/raven-ruby.git
  revision: 5d0e0eacbee39744bdf5b775efb3734d5b4361c7
  specs:
    sentry-raven (0.3)
      faraday (~> 0.8.0.rc2)
      hashie
      multi_json (~> 1.0)
      uuidtools

GIT
  remote: git://github.com/travis-ci/travis-sidekiqs.git
  revision: 7fdebce99026c38a9c5b07789a18efbb44de9258
  specs:
    travis-sidekiqs (0.0.1)
      sentry-raven
      sidekiq (~> 2.5.0)

GIT
  remote: git://github.com/travis-ci/travis-support.git
  revision: f78d9161369f574f12b9c0c0dbfe13b997766bdd
  specs:
    travis-support (0.0.1)

GEM
  remote: http://rubygems.org/
  specs:
    activesupport (3.2.8)
      i18n (~> 0.6)
      multi_json (~> 1.0)
    addressable (2.3.2)
    atomic (1.0.1)
    avl_tree (1.1.3)
    backports (2.4.0)
    bunny (0.7.9)
    celluloid (0.12.3)
      facter (>= 1.6.12)
      timers (>= 1.0.0)
    connection_pool (0.9.2)
    crack (0.3.1)
    diff-lcs (1.1.3)
    facter (1.6.14)
    faraday (0.8.4)
      multipart-post (~> 1.1)
    foreman (0.41.0)
      thor (>= 0.13.6)
    hashie (1.2.0)
    hashr (0.0.22)
    hitimes (1.1.1)
    i18n (0.6.1)
    kgio (2.7.4)
    metriks (0.9.7.3)
      atomic (~> 1.0)
      avl_tree (~> 1.1.2)
      hitimes (~> 1.1)
    multi_json (1.3.7)
    multipart-post (1.1.5)
    newrelic_rpm (3.3.5)
    rack (1.4.1)
    rack-protection (1.2.0)
      rack
    rack-test (0.6.2)
      rack (>= 1.0)
    raindrops (0.10.0)
    rake (0.9.2.2)
    redis (3.0.2)
    redis-namespace (1.2.1)
      redis (~> 3.0.0)
    rspec (2.11.0)
      rspec-core (~> 2.11.0)
      rspec-expectations (~> 2.11.0)
      rspec-mocks (~> 2.11.0)
    rspec-core (2.11.1)
    rspec-expectations (2.11.3)
      diff-lcs (~> 1.1.3)
    rspec-mocks (2.11.3)
    sidekiq (2.5.2)
      celluloid (~> 0.12.0)
      connection_pool (~> 0.9.2)
      multi_json (~> 1)
      redis (~> 3)
      redis-namespace
    sinatra (1.3.3)
      rack (~> 1.3, >= 1.3.6)
      rack-protection (~> 1.2)
      tilt (~> 1.3, >= 1.3.3)
    thor (0.14.6)
    tilt (1.3.3)
    timers (1.0.1)
    unicorn (4.2.1)
      kgio (~> 2.6)
      rack
      raindrops (~> 0.7)
    uuidtools (2.1.3)
    webmock (1.9.0)
      addressable (>= 2.2.7)
      crack (>= 0.1.7)
    yajl-ruby (1.1.0)

PLATFORMS
  ruby

DEPENDENCIES
  activesupport (~> 3.2.3)
  backports (= 2.4.0)
  bunny (~> 0.7.9)
  foreman (~> 0.41.0)
  hashr (~> 0.0.19)
  metriks (~> 0.9.7.3)
  newrelic_rpm (~> 3.3.2)
  rack-test
  rake (~> 0.9.2.2)
  redis
  rspec (~> 2.9)
  sentry-raven!
  sinatra (~> 1.3.1)
  travis-sidekiqs!
  travis-support!
  unicorn (~> 4.2.1)
  webmock
  yajl-ruby (~> 1.1.0)
