GIT
  remote: git://gist.github.com/2087829.git
  revision: c766c06b0bdbda3bd96c3f4e376249cafcbbfaaa
  specs:
    micro_migrations (0.0.1)

GIT
  remote: git://github.com/mattmatt/metriks
  revision: 23482212ec6676bfde20dae70760f80778bf6e77
  ref: source
  specs:
    metriks (0.8.0)
      atomic (~> 1.0)
      hitimes (~> 1.1)

GIT
  remote: git://github.com/travis-ci/travis-core
  revision: cd1e02acbefd1fb7d75fb14b999c31ced2f73293
  specs:
    travis-core (0.0.1)
      actionmailer (~> 3.2.3)
      activerecord (~> 3.2.3)
      data_migrations (~> 0.0.1)
      gh
      hashr (~> 0.0.19)
      octokit (~> 0.6.5)
      postmark-rails (~> 0.4.1)
      pusher (~> 0.9.2)
      rabl (~> 0.5.1)
      railties (~> 3.2.3)
      rake (~> 0.9.2.2)
      redis (~> 2.2.2)
      rollout (~> 1.1.0)
      simple_states (~> 0.1.0.pre2)
      thor (~> 0.14.6)

GIT
  remote: git://github.com/travis-ci/travis-support
  revision: e43f43209c6b45f58e8dee4dc4ae2949a645b479
  specs:
    travis-support (0.0.1)

GEM
  remote: http://rubygems.org/
  specs:
    actionmailer (3.2.3)
      actionpack (= 3.2.3)
      mail (~> 2.4.4)
    actionpack (3.2.3)
      activemodel (= 3.2.3)
      activesupport (= 3.2.3)
      builder (~> 3.0.0)
      erubis (~> 2.7.0)
      journey (~> 1.0.1)
      rack (~> 1.4.0)
      rack-cache (~> 1.2)
      rack-test (~> 0.6.1)
      sprockets (~> 2.1.2)
    activemodel (3.2.3)
      activesupport (= 3.2.3)
      builder (~> 3.0.0)
    activerecord (3.2.3)
      activemodel (= 3.2.3)
      activesupport (= 3.2.3)
      arel (~> 3.0.2)
      tzinfo (~> 0.3.29)
    activesupport (3.2.3)
      i18n (~> 0.6)
      multi_json (~> 1.0)
    addressable (2.2.7)
    arel (3.0.2)
    atomic (1.0.0)
    backports (2.4.0)
    builder (3.0.0)
    bunny (0.7.9)
    crack (0.3.1)
    data_migrations (0.0.1)
      activerecord
      rake
    database_cleaner (0.6.7)
    diff-lcs (1.1.3)
    erubis (2.7.0)
    faraday (0.7.6)
      addressable (~> 2.2)
      multipart-post (~> 1.1)
      rack (~> 1.1)
    faraday_middleware (0.7.0)
      faraday (~> 0.7.3)
    foreman (0.26.1)
      term-ansicolor (~> 1.0.5)
      thor (>= 0.13.6)
    gh (0.1.2)
      backports (~> 2.3)
      faraday (~> 0.7)
      multi_json (~> 1.0)
    hashie (1.2.0)
    hashr (0.0.20)
    hike (1.2.1)
    hitimes (1.1.1)
    i18n (0.6.0)
    journey (1.0.3)
    json (1.6.6)
    kgio (2.7.4)
    mail (2.4.4)
      i18n (>= 0.4.0)
      mime-types (~> 1.16)
      treetop (~> 1.4.8)
    mime-types (1.18)
    multi_json (1.0.4)
    multipart-post (1.1.5)
    newrelic_rpm (3.3.3)
    octokit (0.6.5)
      addressable (~> 2.2.6)
      faraday (~> 0.7.4)
      faraday_middleware (~> 0.7.0)
      hashie (~> 1.2.0)
      multi_json (~> 1.0.2)
    pg (0.13.2)
    polyglot (0.3.3)
    postmark (0.9.10)
    postmark-rails (0.4.1)
      actionmailer
      postmark (>= 0.9.0)
      rake
    pusher (0.9.2)
      multi_json (~> 1.0)
      ruby-hmac (~> 0.4.0)
      signature (~> 0.1.2)
    rabl (0.5.4)
      activesupport (>= 2.3.14)
      multi_json (~> 1.0.3)
    rack (1.4.1)
    rack-cache (1.2)
      rack (>= 0.4)
    rack-protection (1.2.0)
      rack
    rack-ssl (1.3.2)
      rack
    rack-test (0.6.1)
      rack (>= 1.0)
    railties (3.2.3)
      actionpack (= 3.2.3)
      activesupport (= 3.2.3)
      rack-ssl (~> 1.3.2)
      rake (>= 0.8.7)
      rdoc (~> 3.4)
      thor (~> 0.14.6)
    raindrops (0.8.0)
    rake (0.9.2.2)
    rdoc (3.12)
      json (~> 1.4)
    redis (2.2.2)
    rollout (1.1.0)
    rspec (2.9.0)
      rspec-core (~> 2.9.0)
      rspec-expectations (~> 2.9.0)
      rspec-mocks (~> 2.9.0)
    rspec-core (2.9.0)
    rspec-expectations (2.9.1)
      diff-lcs (~> 1.1.3)
    rspec-mocks (2.9.0)
    ruby-hmac (0.4.0)
    signature (0.1.2)
      ruby-hmac
    silent-postgres (0.0.8)
    simple_states (0.1.0.pre2)
      activesupport
      hashr (~> 0.0.10)
    sinatra (1.3.2)
      rack (~> 1.3, >= 1.3.6)
      rack-protection (~> 1.2)
      tilt (~> 1.3, >= 1.3.3)
    sprockets (2.1.2)
      hike (~> 1.2)
      rack (~> 1.0)
      tilt (~> 1.1, != 1.3.0)
    term-ansicolor (1.0.7)
    thor (0.14.6)
    tilt (1.3.3)
    treetop (1.4.10)
      polyglot
      polyglot (>= 0.3.1)
    tzinfo (0.3.33)
    unicorn (4.1.1)
      kgio (~> 2.4)
      rack
      raindrops (~> 0.6)
    webmock (1.8.6)
      addressable (>= 2.2.7)
      crack (>= 0.1.7)
    yajl-ruby (1.1.0)

PLATFORMS
  ruby

DEPENDENCIES
  backports (= 2.4.0)
  bunny (~> 0.7.9)
  data_migrations (~> 0.0.1)
  database_cleaner (~> 0.6.7)
  foreman (~> 0.26.1)
  gh
  metriks!
  micro_migrations!
  newrelic_rpm (~> 3.3.2)
  pg (~> 0.13)
  rabl (~> 0.5.1)
  rake (~> 0.9.2.2)
  redis (~> 2.2.0)
  rspec (~> 2.9)
  silent-postgres (~> 0.0.8)
  sinatra (~> 1.3.1)
  travis-core!
  travis-support!
  unicorn (~> 4.1.1)
  webmock
  yajl-ruby (~> 1.1.0)
